GIT
  remote: git://github.com/mongoid/mongoid.git
  revision: 11e45e5a30a45458b83db99ab6c9d9ccc337e66f
  ref: 11e45e5a30a45458b83db99ab6c9d9ccc337e66f
  specs:
    mongoid (4.0.0)
      activemodel (~> 4.0.0.rc1)
      moped (~> 1.4)
      origin (~> 1.0)
      tzinfo (~> 0.3.22)

GIT
  remote: git://github.com/plataformatec/simple_form.git
  revision: 3ea3226e2f5eb83c6723639fc10480a721347f7e
  specs:
    simple_form (3.0.0.rc)
      actionpack (>= 4.0.0, < 4.1)
      activemodel (>= 4.0.0, < 4.1)

GEM
  remote: http://ruby.taobao.org/
  specs:
    actionmailer (4.0.0)
      actionpack (= 4.0.0)
      mail (~> 2.5.3)
    actionpack (4.0.0)
      activesupport (= 4.0.0)
      builder (~> 3.1.0)
      erubis (~> 2.7.0)
      rack (~> 1.5.2)
      rack-test (~> 0.6.2)
    activemodel (4.0.0)
      activesupport (= 4.0.0)
      builder (~> 3.1.0)
    activerecord (4.0.0)
      activemodel (= 4.0.0)
      activerecord-deprecated_finders (~> 1.0.2)
      activesupport (= 4.0.0)
      arel (~> 4.0.0)
    activerecord-deprecated_finders (1.0.3)
    activesupport (4.0.0)
      i18n (~> 0.6, >= 0.6.4)
      minitest (~> 4.2)
      multi_json (~> 1.3)
      thread_safe (~> 0.1)
      tzinfo (~> 0.3.37)
    anjlab-bootstrap-rails (2.0.3.2)
      railties (>= 3.0)
      sass
    arel (4.0.0)
    atomic (1.1.10)
    blankslate (3.1.2)
    bson (1.9.1)
    builder (3.1.4)
    carrierwave (0.9.0)
      activemodel (>= 3.2.0)
      activesupport (>= 3.2.0)
      json (>= 1.7)
    carrierwave-mongoid (0.1.0)
      carrierwave
      mongoid
    coffee-rails (4.0.0)
      coffee-script (>= 2.2.0)
      railties (>= 4.0.0.beta, < 5.0)
    coffee-script (2.2.0)
      coffee-script-source
      execjs
    coffee-script-source (1.6.3)
    erubis (2.7.0)
    execjs (1.4.0)
      multi_json (~> 1.0)
    ffi (1.0.11)
    hike (1.2.3)
    hpricot (0.8.6)
    i18n (0.6.4)
    jquery-rails (3.0.4)
      railties (>= 3.0, < 5.0)
      thor (>= 0.14, < 2.0)
    json (1.8.0)
    kgio (2.8.0)
    mail (2.5.4)
      mime-types (~> 1.16)
      treetop (~> 1.4.8)
    mime-types (1.23)
    mini_magick (3.3)
      subexec (~> 0.1.0)
    minitest (4.7.5)
    mongo (1.9.1)
      bson (~> 1.9.1)
    mongoid_auto_increment_id (0.6.1)
      mongoid (>= 3.0.0, < 4.1.0)
    mongoid_colored_logger (0.2.2)
      mongo (~> 1.6)
      mongoid
    mongoid_rails_migrations (1.0.0)
      activesupport (>= 3.2.0)
      bundler (>= 1.0.0)
      rails (>= 3.2.0)
      railties (>= 3.2.0)
    moped (1.5.0)
    multi_json (1.7.7)
    origin (1.1.0)
    polyglot (0.3.3)
    pygments.rb (0.2.13)
      rubypython (~> 0.5.3)
    quiet_assets (1.0.2)
      railties (>= 3.1, < 5.0)
    rack (1.5.2)
    rack-test (0.6.2)
      rack (>= 1.0)
    rails (4.0.0)
      actionmailer (= 4.0.0)
      actionpack (= 4.0.0)
      activerecord (= 4.0.0)
      activesupport (= 4.0.0)
      bundler (>= 1.3.0, < 2.0)
      railties (= 4.0.0)
      sprockets-rails (~> 2.0.0)
    rails_autolink (1.1.0)
      rails (> 3.1)
    railties (4.0.0)
      actionpack (= 4.0.0)
      activesupport (= 4.0.0)
      rake (>= 0.8.7)
      thor (>= 0.18.1, < 2.0)
    raindrops (0.11.0)
    rake (10.1.0)
    redcarpet (2.0.1)
    rubypython (0.5.3)
      blankslate (>= 2.1.2.3)
      ffi (~> 1.0.7)
    sass (3.2.9)
    sass-rails (4.0.0)
      railties (>= 4.0.0.beta, < 5.0)
      sass (>= 3.1.10)
      sprockets-rails (~> 2.0.0)
    settingslogic (2.0.9)
    sprockets (2.10.0)
      hike (~> 1.2)
      multi_json (~> 1.0)
      rack (~> 1.0)
      tilt (~> 1.1, != 1.3.0)
    sprockets-rails (2.0.0)
      actionpack (>= 3.0)
      activesupport (>= 3.0)
      sprockets (~> 2.8)
    subexec (0.1.0)
    thor (0.18.1)
    thread_safe (0.1.0)
      atomic
    tilt (1.4.1)
    treetop (1.4.14)
      polyglot
      polyglot (>= 0.3.1)
    tzinfo (0.3.37)
    uglifier (2.1.1)
      execjs (>= 0.3.0)
      multi_json (~> 1.0, >= 1.0.2)
    unicorn (4.6.3)
      kgio (~> 2.6)
      rack
      raindrops (~> 0.7)
    watu_table_builder (0.3.0)
    will_paginate (3.0.4)
    will_paginate_mongoid (1.1.0)
      mongoid (>= 2.4)
      will_paginate (~> 3.0)

PLATFORMS
  ruby

DEPENDENCIES
  anjlab-bootstrap-rails (= 2.0.3.2)
  carrierwave
  carrierwave-mongoid
  coffee-rails
  execjs
  hpricot (~> 0.8.5)
  jquery-rails
  mini_magick (= 3.3)
  mongoid!
  mongoid_auto_increment_id (= 0.6.1)
  mongoid_colored_logger (= 0.2.2)
  mongoid_rails_migrations (= 1.0.0)
  pygments.rb (~> 0.2.4)
  quiet_assets (~> 1.0.2)
  rails (= 4.0.0)
  rails_autolink
  redcarpet (~> 2.0.0)
  sass-rails
  settingslogic (~> 2.0.6)
  simple_form!
  uglifier (>= 1.0.3)
  unicorn
  watu_table_builder
  will_paginate
  will_paginate_mongoid
