GIT
  remote: git://github.com/AgilionApps/quiet_assets.git
  revision: c42e29264a61a5431cc09282df597242c003ebe6
  specs:
    quiet_assets (0.0.1)

GIT
  remote: git://github.com/xdite/bootstrap-rails.git
  revision: 7fe2d48ef0b01de7b16aa927465d83c768e3769e
  specs:
    bootstrap-rails (0.1.4)
      railties (~> 3.0)
      thor (~> 0.14)

GEM
  remote: http://ruby.taobao.org/
  specs:
    actionmailer (3.2.13)
      actionpack (= 3.2.13)
      mail (~> 2.5.3)
    actionpack (3.2.13)
      activemodel (= 3.2.13)
      activesupport (= 3.2.13)
      builder (~> 3.0.0)
      erubis (~> 2.7.0)
      journey (~> 1.0.4)
      rack (~> 1.4.5)
      rack-cache (~> 1.2)
      rack-test (~> 0.6.1)
      sprockets (~> 2.2.1)
    activemodel (3.2.13)
      activesupport (= 3.2.13)
      builder (~> 3.0.0)
    activerecord (3.2.13)
      activemodel (= 3.2.13)
      activesupport (= 3.2.13)
      arel (~> 3.0.2)
      tzinfo (~> 0.3.29)
    activeresource (3.2.13)
      activemodel (= 3.2.13)
      activesupport (= 3.2.13)
    activesupport (3.2.13)
      i18n (= 0.6.1)
      multi_json (~> 1.0)
    arel (3.0.2)
    blankslate (3.1.2)
    builder (3.0.4)
    carrierwave (0.9.0)
      activemodel (>= 3.2.0)
      activesupport (>= 3.2.0)
      json (>= 1.7)
    carrierwave-mongoid (0.6.1)
      carrierwave (>= 0.8.0, < 0.10.0)
      mongoid (>= 3.0, < 5.0)
      mongoid-grid_fs (~> 1.3)
    coffee-rails (3.2.2)
      coffee-script (>= 2.2.0)
      railties (~> 3.2.0)
    coffee-script (2.2.0)
      coffee-script-source
      execjs
    coffee-script-source (1.6.3)
    daemons (1.1.9)
    erubis (2.7.0)
    eventmachine (1.0.3)
    execjs (1.4.0)
      multi_json (~> 1.0)
    ffi (1.0.11)
    hike (1.2.3)
    hpricot (0.8.6)
    i18n (0.6.1)
    journey (1.0.4)
    jquery-rails (2.1.4)
      railties (>= 3.0, < 5.0)
      thor (>= 0.14, < 2.0)
    json (1.8.0)
    kgio (2.8.0)
    mail (2.5.4)
      mime-types (~> 1.16)
      treetop (~> 1.4.8)
    mime-types (1.23)
    mini_magick (3.3)
      subexec (~> 0.1.0)
    mongoid (3.1.4)
      activemodel (~> 3.2)
      moped (~> 1.4)
      origin (~> 1.0)
      tzinfo (~> 0.3.22)
    mongoid-grid_fs (1.8.0)
      mime-types (~> 1.19)
      mongoid (~> 3.0)
    mongoid_auto_increment_id (0.6.1)
      mongoid (>= 3.0.0, < 4.1.0)
    mongoid_rails_migrations (1.0.1)
      activesupport (>= 3.2.0)
      bundler (>= 1.0.0)
      rails (>= 3.2.0)
      railties (>= 3.2.0)
    moped (1.5.0)
    multi_json (1.7.7)
    origin (1.1.0)
    polyglot (0.3.3)
    pygments.rb (0.2.13)
      rubypython (~> 0.5.3)
    rack (1.4.5)
    rack-cache (1.2)
      rack (>= 0.4)
    rack-ssl (1.3.3)
      rack
    rack-test (0.6.2)
      rack (>= 1.0)
    rails (3.2.13)
      actionmailer (= 3.2.13)
      actionpack (= 3.2.13)
      activerecord (= 3.2.13)
      activeresource (= 3.2.13)
      activesupport (= 3.2.13)
      bundler (~> 1.0)
      railties (= 3.2.13)
    rails_autolink (1.1.0)
      rails (> 3.1)
    railties (3.2.13)
      actionpack (= 3.2.13)
      activesupport (= 3.2.13)
      rack-ssl (~> 1.3.2)
      rake (>= 0.8.7)
      rdoc (~> 3.4)
      thor (>= 0.14.6, < 2.0)
    raindrops (0.11.0)
    rake (10.1.0)
    rdoc (3.12.2)
      json (~> 1.4)
    redcarpet (2.0.1)
    rubypython (0.5.3)
      blankslate (>= 2.1.2.3)
      ffi (~> 1.0.7)
    sass (3.2.9)
    sass-rails (3.2.6)
      railties (~> 3.2.0)
      sass (>= 3.1.10)
      tilt (~> 1.3)
    settingslogic (2.0.9)
    simple_form (2.1.0)
      actionpack (~> 3.0)
      activemodel (~> 3.0)
    sprockets (2.2.2)
      hike (~> 1.2)
      multi_json (~> 1.0)
      rack (~> 1.0)
      tilt (~> 1.1, != 1.3.0)
    subexec (0.1.0)
    thin (1.5.1)
      daemons (>= 1.0.9)
      eventmachine (>= 0.12.6)
      rack (>= 1.0.0)
    thor (0.18.1)
    tilt (1.4.1)
    treetop (1.4.14)
      polyglot
      polyglot (>= 0.3.1)
    tzinfo (0.3.37)
    uglifier (2.1.1)
      execjs (>= 0.3.0)
      multi_json (~> 1.0, >= 1.0.2)
    unicorn (4.6.3)
      kgio (~> 2.6)
      rack
      raindrops (~> 0.7)
    watu_table_builder (0.3.0)
    will_paginate (3.0.2)
    will_paginate_mongoid (1.1.0)
      mongoid (>= 2.4)
      will_paginate (~> 3.0)

PLATFORMS
  ruby

DEPENDENCIES
  bootstrap-rails!
  carrierwave (= 0.9.0)
  carrierwave-mongoid (= 0.6.1)
  coffee-rails (~> 3.2.1)
  execjs
  hpricot (~> 0.8.5)
  jquery-rails (= 2.1.4)
  mini_magick (= 3.3)
  mongoid (= 3.1.4)
  mongoid_auto_increment_id (= 0.6.1)
  mongoid_rails_migrations (= 1.0.1)
  pygments.rb (~> 0.2.4)
  quiet_assets!
  rails (= 3.2.13)
  rails_autolink (>= 1.0.4)
  redcarpet (~> 2.0.0)
  sass-rails (~> 3.2.3)
  settingslogic (~> 2.0.6)
  simple_form (= 2.1.0)
  thin
  uglifier (>= 1.0.3)
  unicorn
  watu_table_builder
  will_paginate (= 3.0.2)
  will_paginate_mongoid (~> 1.1.0)
